GEM
  remote: https://rubygems.org/
  specs:
    activesupport (5.2.2)
      concurrent-ruby (~> 1.0, >= 1.0.2)
      i18n (>= 0.7, < 2)
      minitest (~> 5.1)
      tzinfo (~> 1.1)
    business_time (0.9.3)
      activesupport (>= 3.2.0)
      tzinfo
    clockwork (2.0.3)
      tzinfo
    concurrent-ruby (1.1.4)
    dotenv (2.6.0)
    faraday (0.15.4)
      multipart-post (>= 1.2, < 3)
    i18n (1.5.3)
      concurrent-ruby (~> 1.0)
    minitest (5.11.3)
    multipart-post (2.0.0)
    slack-incoming-webhooks (0.2.0)
    thread_safe (0.3.6)
    tzinfo (1.2.5)
      thread_safe (~> 0.1)

PLATFORMS
  ruby

DEPENDENCIES
  business_time
  clockwork
  dotenv
  faraday
  slack-incoming-webhooks

BUNDLED WITH
   2.0.1
